GIT
  remote: git://github.com/sinatra/sinatra.git
  revision: b4aaf1c43aa87936846a863a51beac6fe27892f6
  specs:
    rack-protection (2.0.0)
      rack
    sinatra (2.0.0)
      mustermann (~> 1.0)
      rack (~> 2.0)
      rack-protection (= 2.0.0)
      tilt (~> 2.0)
    sinatra-contrib (2.0.0)
      backports (>= 2.0)
      multi_json
      mustermann (~> 1.0)
      rack-protection (= 2.0.0)
      sinatra (= 2.0.0)
      tilt (>= 1.3, < 3)

GEM
  remote: https://rubygems.org/
  specs:
    backports (3.10.3)
    minitest (5.10.3)
    multi_json (1.12.2)
    mustermann (1.0.1)
    puma (3.11.0)
    rack (2.0.3)
    rack-test (0.8.2)
      rack (>= 1.0, < 3)
    rake (10.5.0)
    tilt (2.0.8)

PLATFORMS
  ruby

DEPENDENCIES
  minitest (~> 5.2)
  puma
  rack-test (~> 0.6)
  rake (~> 10.0)
  sinatra (= 2.0.0)
  sinatra-contrib!

BUNDLED WITH
   1.15.4
